PATH
  remote: .
  specs:
    crapflog (0.1.0)
      flog (~> 4.3)
      parser (~> 2.3)

GEM
  remote: https://rubygems.org/
  specs:
    ast (2.2.0)
    flog (4.3.2)
      ruby_parser (~> 3.1, > 3.1.0)
      sexp_processor (~> 4.4)
    parser (2.3.0.6)
      ast (~> 2.2)
    rake (10.5.0)
    ruby_parser (3.8.1)
      sexp_processor (~> 4.1)
    sexp_processor (4.7.0)

PLATFORMS
  ruby

DEPENDENCIES
  bundler (~> 1.10)
  crapflog!
  rake (~> 10.0)

BUNDLED WITH
   1.10.6
